GIT
  remote: https://github.com/bbc/vistatv_stats_protocol.git
  revision: c9a17ab94b139dda892467789077de7e9e53a87b
  branch: master
  specs:
    vistatv_stats_protocol (1.1.0)

GEM
  remote: https://rubygems.org/
  specs:
    addressable (2.5.2)
      public_suffix (>= 2.0.2, < 4.0)
    coderay (1.1.2)
    cookiejar (0.3.3)
    crack (0.4.3)
      safe_yaml (~> 1.0.0)
    daemons (1.2.5)
    dalli (2.6.4)
    diff-lcs (1.3)
    docile (1.1.5)
    em-http-request (1.0.3)
      addressable (>= 2.2.3)
      cookiejar
      em-socksify
      eventmachine (>= 1.0.0.beta.4)
      http_parser.rb (>= 0.5.3)
    em-logger (0.1.0)
      eventmachine (>= 0.12.10)
    em-socksify (0.3.1)
      eventmachine (>= 1.0.0.beta.4)
    eventmachine (1.2.5)
    faraday (0.8.11)
      multipart-post (~> 1.2.0)
    foreman (0.84.0)
      thor (~> 0.19.1)
    hashdiff (0.3.7)
    http_parser.rb (0.6.0)
    json (2.1.0)
    method_source (0.8.2)
    mina (1.0.7)
      open4 (~> 1.3.4)
      rake
    multi_json (1.12.2)
    multipart-post (1.2.0)
    open4 (1.3.4)
    pry (0.10.4)
      coderay (~> 1.1.0)
      method_source (~> 0.8.1)
      slop (~> 3.4)
    public_suffix (3.0.1)
    rack (1.6.8)
    rack-protection (1.5.3)
      rack
    rake (12.0.0)
    redcarpet (3.4.0)
    rspec (3.6.0)
      rspec-core (~> 3.6.0)
      rspec-expectations (~> 3.6.0)
      rspec-mocks (~> 3.6.0)
    rspec-core (3.6.0)
      rspec-support (~> 3.6.0)
    rspec-expectations (3.6.0)
      diff-lcs (>= 1.2.0, < 2.0)
      rspec-support (~> 3.6.0)
    rspec-mocks (3.6.0)
      diff-lcs (>= 1.2.0, < 2.0)
      rspec-support (~> 3.6.0)
    rspec-support (3.6.0)
    rubberband (0.9.8)
      faraday (~> 0.8.0)
      multi_json
    safe_yaml (1.0.4)
    settingslogic (2.0.9)
    simplecov (0.14.1)
      docile (~> 1.1.0)
      json (>= 1.8, < 3)
      simplecov-html (~> 0.10.0)
    simplecov-html (0.10.2)
    sinatra (1.4.8)
      rack (~> 1.5)
      rack-protection (~> 1.4)
      tilt (>= 1.3, < 3)
    slop (3.6.0)
    thin (1.7.2)
      daemons (~> 1.0, >= 1.0.9)
      eventmachine (~> 1.0, >= 1.0.4)
      rack (>= 1, < 3)
    thor (0.19.4)
    tilt (2.0.8)
    webmock (3.0.1)
      addressable (>= 2.3.6)
      crack (>= 0.3.2)
      hashdiff
    yard (0.9.12)

PLATFORMS
  ruby

DEPENDENCIES
  dalli (~> 2.6.2)
  em-http-request (~> 1.0.3)
  em-logger (~> 0.1.0)
  eventmachine (~> 1.2.3)
  foreman (~> 0.84.0)
  json (~> 2.1.0)
  mina (~> 1.0.6)
  pry (~> 0.10.4)
  rake (~> 12.0.0)
  redcarpet (~> 3.4.0)
  rspec (~> 3.6.0)
  rubberband (~> 0.9.8)
  settingslogic (~> 2.0.9)
  simplecov (~> 0.14.1)
  sinatra (~> 1.4.8)
  thin (~> 1.7.0)
  vistatv_stats_protocol!
  webmock (~> 3.0.1)
  yard (~> 0.9.11)

BUNDLED WITH
   1.15.1
